GEM
  remote: http://rubygems.org/
  specs:
    haml (4.0.7)
      tilt
    mail (2.6.4)
      mime-types (>= 1.16, < 4)
    mime-types (3.1)
      mime-types-data (~> 3.2015)
    mime-types-data (3.2016.0521)
    pony (1.11)
      mail (>= 2.0)
    rack (1.6.5)
    rack-protection (1.5.3)
      rack
    sinatra (1.4.8)
      rack (~> 1.5)
      rack-protection (~> 1.4)
      tilt (>= 1.3, < 3)
    tilt (2.0.6)

PLATFORMS
  ruby

DEPENDENCIES
  haml
  pony (~> 1.11)
  sinatra

RUBY VERSION
   ruby 2.3.1p112

BUNDLED WITH
   1.14.5
